PATH
  remote: .
  specs:
    fluent-plugin-http-cwm (0.1.0)
      fluentd (>= 0.14.10, < 2)
      json (~> 1.8, >= 1.8.3)
      redis (~> 4.2, >= 4.2.5)

GEM
  remote: https://rubygems.org/
  specs:
    concurrent-ruby (1.1.7)
    cool.io (1.6.0)
    fluentd (1.11.3)
      cool.io (>= 1.4.5, < 2.0.0)
      http_parser.rb (>= 0.5.1, < 0.7.0)
      msgpack (>= 1.3.1, < 2.0.0)
      serverengine (>= 2.0.4, < 3.0.0)
      sigdump (~> 0.2.2)
      strptime (>= 0.2.2, < 1.0.0)
      tzinfo (>= 1.0, < 3.0)
      tzinfo-data (~> 1.0)
      yajl-ruby (~> 1.0)
    http_parser.rb (0.6.0)
    json (1.8.6)
    msgpack (1.3.3)
    power_assert (1.2.0)
    rake (12.3.1)
    redis (4.2.5)
    serverengine (2.2.1)
      sigdump (~> 0.2.2)
    sigdump (0.2.4)
    strptime (0.2.4)
    test-unit (3.3.9)
      power_assert
    tzinfo (2.0.2)
      concurrent-ruby (~> 1.0)
    tzinfo-data (1.2020.1)
      tzinfo (>= 1.0.0)
    yajl-ruby (1.4.1)

PLATFORMS
  ruby

DEPENDENCIES
  bundler (>= 1.14, < 3)
  fluent-plugin-http-cwm!
  rake (~> 12.0)
  test-unit (~> 3.0)

BUNDLED WITH
   2.1.4
